GEM
  remote: https://rubygems.org/
  specs:
    activemodel (3.2.12)
      activesupport (= 3.2.12)
      builder (~> 3.0.0)
    activerecord (3.2.12)
      activemodel (= 3.2.12)
      activesupport (= 3.2.12)
      arel (~> 3.0.2)
      tzinfo (~> 0.3.29)
    activesupport (3.2.12)
      i18n (~> 0.6)
      multi_json (~> 1.0)
    apachelogregex (0.1.0)
    arel (3.0.2)
    builder (3.0.4)
    chronic (0.9.1)
    excon (0.20.0)
    fog (1.10.0)
      builder
      excon (~> 0.14)
      formatador (~> 0.2.0)
      mime-types
      multi_json (~> 1.0)
      net-scp (~> 1.1)
      net-ssh (>= 2.1.3)
      nokogiri (~> 1.5.0)
      ruby-hmac
    formatador (0.2.4)
    haml (4.0.0)
      tilt
    i18n (0.6.4)
    json (1.7.7)
    listen (0.7.3)
    mime-types (1.21)
    multi_json (1.6.1)
    net-scp (1.1.0)
      net-ssh (>= 2.6.5)
    net-ssh (2.6.6)
    nokogiri (1.5.6)
    pg (0.14.1)
    rack (1.5.2)
    rack-protection (1.5.0)
      rack
    rake (10.0.3)
    rb-fsevent (0.9.3)
    rerun (0.8.0)
      listen
    ruby-hmac (0.4.0)
    shotgun (0.9)
      rack (>= 1.0)
    sinatra (1.3.5)
      rack (~> 1.4)
      rack-protection (~> 1.3)
      tilt (~> 1.3, >= 1.3.3)
    sinatra-activerecord (1.2.2)
      activerecord (~> 3.0)
      sinatra (~> 1.0)
    tilt (1.3.5)
    tzinfo (0.3.37)
    user_agent_parser (2.0.0)

PLATFORMS
  ruby

DEPENDENCIES
  activerecord (~> 3.2.12)
  apachelogregex
  chronic
  fog
  haml
  json
  pg
  rake
  rb-fsevent (~> 0.9.1)
  rerun
  shotgun
  sinatra
  sinatra-activerecord
  user_agent_parser
